GEM
  remote: http://rubygems.org/
  specs:
    minitest (3.0.1)
    rake (0.9.2.2)
    rake-compiler (0.7.9)
      rake

PLATFORMS
  ruby

DEPENDENCIES
  minitest (~> 3.0.0)
  rake-compiler
