PATH
  remote: .
  specs:
    rugged (0.19.0)

GEM
  remote: http://rubygems.org/
  specs:
    coderay (1.0.9)
    method_source (0.8.1)
    minitest (3.0.1)
    pry (0.9.12.2)
      coderay (~> 1.0.5)
      method_source (~> 0.8)
      slop (~> 3.4)
    rake (10.1.0)
    rake-compiler (0.9.1)
      rake
    slop (3.4.5)

PLATFORMS
  ruby

DEPENDENCIES
  minitest (~> 3.0.0)
  pry
  rake-compiler (>= 0.9.1)
  rugged!
